NUGET
  remote: http://www.nuget.org/api/v2
  specs:
    FAKE (4.29)
    FsCheck (2.5)
      FSharp.Core (>= 3.1.2.5)
    FSharp.Charting (0.90.14)
    FSharp.Compiler.Service (2.0.0.6)
    FSharp.Core (4.0.0.1)
    FSharp.Formatting (2.14.4)
      FSharp.Compiler.Service (2.0.0.6)
      FSharpVSPowerTools.Core (>= 2.3 < 2.4)
    FSharpVSPowerTools.Core (2.3)
      FSharp.Compiler.Service (>= 2.0.0.3)
    Microsoft.Bcl (1.1.10) - framework: net10, net11, net20, net30, net35, net40, net40-full
      Microsoft.Bcl.Build (>= 1.0.14)
    Microsoft.Bcl.Build (1.0.21) - import_targets: false, framework: net10, net11, net20, net30, net35, net40, net40-full
    Microsoft.Net.Http (2.2.29) - framework: net10, net11, net20, net30, net35, net40, net40-full
      Microsoft.Bcl (>= 1.1.10)
      Microsoft.Bcl.Build (>= 1.0.14)
    Nancy (1.4.3)
    Nancy.Hosting.Self (1.4.1)
      Nancy (>= 1.4.1)
    NuGet.CommandLine (3.4.3)
    NUnit (2.6.4)
    NUnit.Runners (2.6.4)
    Octokit (0.20)
      Microsoft.Net.Http  - framework: net10, net11, net20, net30, net35, net40, net40-full
    SourceLink.Fake (1.1)
    Zlib.Portable (1.11)
GITHUB
  remote: fsharp/FAKE
  specs:
    modules/Octokit/Octokit.fsx (f1d6399702cea83af9cc1f72f89cbf3dc0f86a5a)
      Octokit
  remote: fsprojects/FSharp.TypeProviders.StarterPack
  specs:
    src/AssemblyReader.fs (dfbca9b83fb70067e85abddcb8b89332aae4c28d)
    src/AssemblyReaderReflection.fs (dfbca9b83fb70067e85abddcb8b89332aae4c28d)
    src/ProvidedTypes.fs (dfbca9b83fb70067e85abddcb8b89332aae4c28d)
    src/ProvidedTypes.fsi (dfbca9b83fb70067e85abddcb8b89332aae4c28d)
    src/ProvidedTypesContext.fs (dfbca9b83fb70067e85abddcb8b89332aae4c28d)
    src/ProvidedTypesTesting.fs (dfbca9b83fb70067e85abddcb8b89332aae4c28d)