

GROUP BuildTools
REDIRECTS: ON
RESTRICTION: == net45
NUGET
  remote: http://www.nuget.org/api/v2
    FAKE (4.64.6)
    NuGet.CommandLine (4.5.1)
    Octokit (0.29)
GITHUB
  remote: fsharp/FAKE
    modules/Octokit/Octokit.fsx (8f21aabb0974b0f4c7b7dab674b2ea2691a9db8c)
      Octokit (>= 0.20)
  remote: fsprojects/FSharp.TypeProviders.StarterPack
    src/ProvidedTypes.fs (7b18fd1d27a74b63a834a1c21219daf85092ff65)
    src/ProvidedTypes.fsi (7b18fd1d27a74b63a834a1c21219daf85092ff65)
    src/ProvidedTypesTesting.fs (7b18fd1d27a74b63a834a1c21219daf85092ff65)
GROUP Test
REDIRECTS: ON
RESTRICTION: || (== net46) (== netcoreapp2.0)
NUGET
  remote: https://api.nuget.org/v3/index.json
    FsCheck (2.10.7)
      FSharp.Core (>= 4.0.0.1) - restriction: || (== net46) (&& (== netcoreapp2.0) (>= net452)) (&& (== netcoreapp2.0) (< netstandard1.6)) (&& (== netcoreapp2.0) (< portable-net45+win8+wp8)) (&& (== netcoreapp2.0) (>= win8))
      FSharp.Core (>= 4.2.3) - restriction: || (&& (== net46) (< net452) (>= netstandard1.6)) (== netcoreapp2.0)
      NETStandard.Library (>= 1.6.1) - restriction: || (&& (== net46) (< net452) (>= netstandard1.6)) (== netcoreapp2.0)
      System.ValueTuple (>= 4.4) - restriction: || (&& (== net46) (< net452) (>= netstandard1.6)) (== netcoreapp2.0)
    FSharp.Core (4.3.4)
    FsUnit (3.1)
      FSharp.Core (>= 4.2.3)
      NETStandard.Library (>= 2.0.1) - restriction: == netcoreapp2.0
      NUnit (>= 3.9 < 4.0)
    Microsoft.NETCore.Platforms (2.0.1) - restriction: == netcoreapp2.0
    Microsoft.NETCore.Targets (2.0) - restriction: || (&& (== net46) (>= dnxcore50) (>= netstandard1.6)) (&& (== net46) (< net20) (>= netstandard1.6)) (== netcoreapp2.0)
    NETStandard.Library (2.0.1) - restriction: == netcoreapp2.0
      Microsoft.NETCore.Platforms (>= 1.1)
    NUnit (3.9)
      NETStandard.Library (>= 1.6) - restriction: || (&& (== net46) (>= monoandroid)) (&& (== net46) (< net20)) (&& (== net46) (>= uap10.0)) (&& (== net46) (>= xamarinios)) (== netcoreapp2.0)
      System.Runtime.Loader (>= 4.3) - restriction: || (&& (== net46) (< net20) (>= netstandard1.6)) (== netcoreapp2.0)
      System.Threading.Thread (>= 4.3) - restriction: || (&& (== net46) (< net20) (>= netstandard1.6)) (== netcoreapp2.0)
    NUnit.ConsoleRunner (3.8)
    NUnit.Extension.NUnitProjectLoader (3.6)
    NUnit.Extension.NUnitV2Driver (3.7)
    NUnit.Extension.NUnitV2ResultWriter (3.6)
    NUnit.Extension.TeamCityEventListener (1.0.3)
    NUnit.Extension.VSProjectLoader (3.7)
    NUnit.Runners (3.8)
      NUnit.ConsoleRunner (>= 3.8)
      NUnit.Extension.NUnitProjectLoader (>= 3.5)
      NUnit.Extension.NUnitV2Driver (>= 3.6)
      NUnit.Extension.NUnitV2ResultWriter (>= 3.5)
      NUnit.Extension.TeamCityEventListener (>= 1.0.3)
      NUnit.Extension.VSProjectLoader (>= 3.7)
    System.IO (4.3) - restriction: || (&& (== net46) (< net20) (>= netstandard1.6)) (== netcoreapp2.0)
      Microsoft.NETCore.Platforms (>= 1.1) - restriction: || (&& (== net46) (>= dnxcore50)) (&& (== net46) (< net45)) (== netcoreapp2.0)
      Microsoft.NETCore.Targets (>= 1.1) - restriction: || (&& (== net46) (>= dnxcore50)) (&& (== net46) (< net45)) (== netcoreapp2.0)
      System.Runtime (>= 4.3) - restriction: || (&& (== net46) (>= dnxcore50)) (&& (== net46) (< net45)) (== netcoreapp2.0)
      System.Text.Encoding (>= 4.3) - restriction: || (&& (== net46) (>= dnxcore50)) (&& (== net46) (< net45)) (== netcoreapp2.0)
      System.Threading.Tasks (>= 4.3) - restriction: || (&& (== net46) (>= dnxcore50)) (&& (== net46) (< net45)) (== netcoreapp2.0)
    System.Reflection (4.3) - restriction: || (&& (== net46) (< net20) (>= netstandard1.6)) (== netcoreapp2.0)
      Microsoft.NETCore.Platforms (>= 1.1) - restriction: || (&& (== net46) (>= dnxcore50)) (&& (== net46) (< net45)) (== netcoreapp2.0)
      Microsoft.NETCore.Targets (>= 1.1) - restriction: || (&& (== net46) (>= dnxcore50)) (&& (== net46) (< net45)) (== netcoreapp2.0)
      System.IO (>= 4.3) - restriction: || (&& (== net46) (>= dnxcore50)) (&& (== net46) (< net45)) (== netcoreapp2.0)
      System.Reflection.Primitives (>= 4.3) - restriction: || (&& (== net46) (>= dnxcore50)) (&& (== net46) (< net45)) (== netcoreapp2.0)
      System.Runtime (>= 4.3) - restriction: || (&& (== net46) (>= dnxcore50)) (&& (== net46) (< net45)) (== netcoreapp2.0)
    System.Reflection.Primitives (4.3) - restriction: || (&& (== net46) (>= dnxcore50) (>= netstandard1.6)) (&& (== net46) (< net20) (>= netstandard1.6)) (== netcoreapp2.0)
      Microsoft.NETCore.Platforms (>= 1.1) - restriction: || (&& (== net46) (>= dnxcore50)) (&& (== net46) (< net45)) (== netcoreapp2.0)
      Microsoft.NETCore.Targets (>= 1.1) - restriction: || (&& (== net46) (>= dnxcore50)) (&& (== net46) (< net45)) (== netcoreapp2.0)
      System.Runtime (>= 4.3) - restriction: || (&& (== net46) (>= dnxcore50)) (&& (== net46) (< net45)) (== netcoreapp2.0)
    System.Runtime (4.3) - restriction: || (&& (== net46) (< net20) (>= netstandard1.6)) (== netcoreapp2.0)
      Microsoft.NETCore.Platforms (>= 1.1) - restriction: || (&& (== net46) (>= dnxcore50)) (&& (== net46) (< net45)) (== netcoreapp2.0)
      Microsoft.NETCore.Targets (>= 1.1) - restriction: || (&& (== net46) (>= dnxcore50)) (&& (== net46) (< net45)) (== netcoreapp2.0)
    System.Runtime.Loader (4.3) - restriction: || (&& (== net46) (< net20) (>= netstandard1.6)) (== netcoreapp2.0)
      System.IO (>= 4.3) - restriction: || (&& (== net46) (>= netstandard1.5)) (== netcoreapp2.0)
      System.Reflection (>= 4.3) - restriction: || (&& (== net46) (>= netstandard1.5)) (== netcoreapp2.0)
      System.Runtime (>= 4.3) - restriction: || (&& (== net46) (>= netstandard1.5)) (== netcoreapp2.0)
    System.Text.Encoding (4.3) - restriction: || (&& (== net46) (>= dnxcore50) (>= netstandard1.6)) (&& (== net46) (< net20) (>= netstandard1.6)) (== netcoreapp2.0)
      Microsoft.NETCore.Platforms (>= 1.1) - restriction: || (&& (== net46) (>= dnxcore50)) (&& (== net46) (< net45)) (== netcoreapp2.0)
      Microsoft.NETCore.Targets (>= 1.1) - restriction: || (&& (== net46) (>= dnxcore50)) (&& (== net46) (< net45)) (== netcoreapp2.0)
      System.Runtime (>= 4.3) - restriction: || (&& (== net46) (>= dnxcore50)) (&& (== net46) (< net45)) (== netcoreapp2.0)
    System.Threading.Tasks (4.3) - restriction: || (&& (== net46) (>= dnxcore50) (>= netstandard1.6)) (&& (== net46) (< net20) (>= netstandard1.6)) (== netcoreapp2.0)
      Microsoft.NETCore.Platforms (>= 1.1) - restriction: || (&& (== net46) (>= dnxcore50)) (&& (== net46) (< net45)) (== netcoreapp2.0)
      Microsoft.NETCore.Targets (>= 1.1) - restriction: || (&& (== net46) (>= dnxcore50)) (&& (== net46) (< net45)) (== netcoreapp2.0)
      System.Runtime (>= 4.3) - restriction: || (&& (== net46) (>= dnxcore50)) (&& (== net46) (< net45)) (== netcoreapp2.0)
    System.Threading.Thread (4.3) - restriction: || (&& (== net46) (< net20) (>= netstandard1.6)) (== netcoreapp2.0)
      System.Runtime (>= 4.3) - restriction: == netcoreapp2.0
    System.ValueTuple (4.4) - restriction: || (&& (== net46) (< net452) (>= netstandard1.6)) (== netcoreapp2.0)
