NUGET
  remote: http://nuget.org/api/v2
  specs:
    FAKE (3.13.0)
    FsCheck (0.9.2.0)
    FSharp.Charting (0.90.8)
    FSharp.Compiler.Service (0.0.81)
    FSharp.Formatting (2.5.0)
      FSharp.Compiler.Service (>= 0.0.81)
      Microsoft.AspNet.Razor (2.0.30506)
      RazorEngine (3.3.0)
    Microsoft.AspNet.Razor (2.0.30506)
    Nancy (0.23.2)
    Nancy.Hosting.Self (0.23.2)
      Nancy (>= 0.23.2)
    NuGet.CommandLine (2.8.3)
    NUnit (2.6.4)
    NUnit.Runners (2.6.4)
    RazorEngine (3.3.0)
      Microsoft.AspNet.Razor (>= 2.0.30506.0)
    SourceLink.Fake (0.4.2)
    Zlib.Portable (1.10.0)
