NUGET
  remote: http://nuget.org/api/v2
  specs:
    FAKE (4.11.0)
    FsCheck (2.2.4)
      FSharp.Core (>= 3.1.2.5)
    FSharp.Charting (0.90.13)
    FSharp.Compiler.Service (1.4.0.6)
    FSharp.Core (4.0.0.1)
    FSharp.Formatting (2.12.0)
      FSharp.Compiler.Service (1.4.0.6)
      FSharpVSPowerTools.Core (2.1.0)
    FSharpVSPowerTools.Core (2.1.0)
      FSharp.Compiler.Service (>= 1.4.0.6)
    Microsoft.Bcl (1.1.10)
      Microsoft.Bcl.Build (>= 1.0.14)
    Microsoft.Bcl.Build (1.0.21) - import_targets: false
    Microsoft.Net.Http (2.2.29)
      Microsoft.Bcl (>= 1.1.10)
      Microsoft.Bcl.Build (>= 1.0.14)
    Nancy (1.4.2)
    Nancy.Hosting.Self (1.4.1)
      Nancy (>= 1.4.1)
    NuGet.CommandLine (3.3.0)
    NUnit (2.6.4)
    NUnit.Runners (2.6.4)
    Octokit (0.17.0)
      Microsoft.Net.Http
    SourceLink.Fake (1.1.0)
    Zlib.Portable (1.11.0)
GITHUB
  remote: fsharp/FAKE
  specs:
    modules/Octokit/Octokit.fsx (821e264e79dbe73a5e67f00defd60265646b37b9)
      Octokit
  remote: fsprojects/FSharp.TypeProviders.StarterPack
  specs:
    src/DebugProvidedTypes.fs (f1234ba078dad7cbb674b1d1ab8b94f92f827911)
    src/ProvidedTypes.fs (f1234ba078dad7cbb674b1d1ab8b94f92f827911)
    src/ProvidedTypes.fsi (f1234ba078dad7cbb674b1d1ab8b94f92f827911)