NUGET
  remote: http://nuget.org/api/v2
  specs:
    FAKE (3.26.1)
    FsCheck (0.9.2.0)
    FSharp.Charting (0.90.9)
    FSharp.Compiler.Service (0.0.86)
    FSharp.Formatting (2.7.5)
      FSharp.Compiler.Service (>= 0.0.82)
      FSharpVSPowerTools.Core (>= 1.7.0)
    FSharpVSPowerTools.Core (1.7.0)
      FSharp.Compiler.Service (>= 0.0.81)
    Microsoft.Bcl (1.1.10)
      Microsoft.Bcl.Build (>= 1.0.14)
    Microsoft.Bcl.Build (1.0.21)
    Microsoft.Net.Http (2.2.29)
      Microsoft.Bcl (>= 1.1.10)
      Microsoft.Bcl.Build (>= 1.0.14)
    Nancy (1.1)
    Nancy.Hosting.Self (1.1)
      Nancy (>= 1.1)
    NuGet.CommandLine (2.8.3)
    NUnit (2.6.4)
    NUnit.Runners (2.6.4)
    Octokit (0.8.0)
      Microsoft.Net.Http
    SourceLink.Fake (0.5.0)
    Zlib.Portable (1.10.0)
GITHUB
  remote: fsharp/FAKE
  specs:
    modules/Octokit/Octokit.fsx (4284c6a7d4e9f366b9b3cd8f9a0c3fbb8c921d43)
      Octokit
  remote: fsprojects/FSharp.TypeProviders.StarterPack
  specs:
    src/DebugProvidedTypes.fs (877014bfa6244ac382642e113d7cd6c9bc27bc6d)
    src/ProvidedTypes.fs (877014bfa6244ac382642e113d7cd6c9bc27bc6d)
    src/ProvidedTypes.fsi (877014bfa6244ac382642e113d7cd6c9bc27bc6d)